GEM
  remote: https://rubygems.org/
  specs:
    adsf (1.2.1)
      rack (>= 1.0.0)
    bourbon (4.2.6)
      sass (~> 3.4)
      thor (~> 0.19)
    coderay (1.1.1)
    colored (1.2)
    concurrent-ruby (1.0.5)
    cri (2.8.0)
      colored (~> 1.2)
    ddplugin (1.0.1)
    ffi (1.9.18)
    formatador (0.2.5)
    guard (2.14.1)
      formatador (>= 0.2.4)
      listen (>= 2.7, < 4.0)
      lumberjack (~> 1.0)
      nenv (~> 0.1)
      notiffany (~> 0.0)
      pry (>= 0.9.12)
      shellany (~> 0.0)
      thor (>= 0.18.1)
    guard-compat (1.2.1)
    guard-nanoc (2.1.2)
      guard (~> 2.8)
      guard-compat (~> 1.0)
      nanoc (>= 4.3.8, < 5.0)
    haml (4.0.7)
      tilt
    hamster (3.0.0)
      concurrent-ruby (~> 1.0)
    listen (3.1.5)
      rb-fsevent (~> 0.9, >= 0.9.4)
      rb-inotify (~> 0.9, >= 0.9.7)
      ruby_dep (~> 1.2)
    lumberjack (1.0.12)
    method_source (0.8.2)
    nanoc (4.7.10)
      cri (~> 2.8)
      ddplugin (~> 1.0)
      hamster (~> 3.0)
      ref (~> 2.0)
    nanoc-javascript-concatenator (0.0.2)
      nanoc (>= 3.3.0)
    nenv (0.3.0)
    notiffany (0.1.1)
      nenv (~> 0.1)
      shellany (~> 0.0)
    pandoc-ruby (2.0.1)
    pry (0.10.4)
      coderay (~> 1.1.0)
      method_source (~> 0.8.1)
      slop (~> 3.4)
    rack (2.0.3)
    rake (0.9.2.2)
    rb-fsevent (0.9.8)
    rb-inotify (0.9.8)
      ffi (>= 0.5.0)
    ref (2.0.0)
    ruby_dep (1.5.0)
    rubypants (0.6.0)
    sass (3.4.23)
    shellany (0.0.1)
    slop (3.6.0)
    thor (0.19.4)
    tilt (2.0.6)
    yuicompressor (1.3.3)

PLATFORMS
  ruby

DEPENDENCIES
  adsf
  bourbon
  guard-nanoc
  haml
  nanoc
  nanoc-javascript-concatenator
  pandoc-ruby
  rake
  rubypants
  sass
  yuicompressor

BUNDLED WITH
   1.14.4
